GEM
  remote: https://rubygems.org/
  specs:
    nokogiri (1.15.2-x86_64-linux)
      racc (~> 1.4)
    racc (1.7.1)
    rake (13.0.6)
    rexml (3.2.5)
    rubyzip (2.3.2)
    selenium-webdriver (4.10.0)
      rexml (~> 3.2, >= 3.2.5)
      rubyzip (>= 1.2.2, < 3.0)
      websocket (~> 1.0)
    webdrivers (5.2.0)
      nokogiri (~> 1.6)
      rubyzip (>= 1.3.0)
      selenium-webdriver (~> 4.0)
    websocket (1.2.9)
    yard (0.9.34)

PLATFORMS
  x86_64-linux

DEPENDENCIES
  rake
  selenium-webdriver
  webdrivers
  yard

BUNDLED WITH
   2.4.15
